NUGET
  remote: https://www.nuget.org/api/v2
    CSM.SodaDotNet (0.6)
      Newtonsoft.Json (>= 7.0.1)
    FSharp.Core (4.0.0.1)
    FSharp.Data (2.3)
      Zlib.Portable (>= 1.11) - framework: portable-net45+sl5+win8, portable-net45+win8, portable-net45+win8+wp8+wpa81
    FsUnit (2.2)
      FSharp.Core (>= 3.1.2.5)
      NUnit (3.2.1)
    Newtonsoft.Json (8.0.3)
    NUnit (3.2.1)
    Rx-Core (2.2.5)
      Rx-Interfaces (>= 2.2.5)
    Rx-Interfaces (2.2.5)
    Rx-Linq (2.2.5)
      Rx-Core (>= 2.2.5)
      Rx-Interfaces (>= 2.2.5)
    Xamarin.Android.Support.Animated.Vector.Drawable (23.3)
      Xamarin.Android.Support.v4 (23.3)
      Xamarin.Android.Support.Vector.Drawable (23.3)
    Xamarin.Android.Support.v4 (23.3)
    Xamarin.Android.Support.v7.AppCompat (23.3)
      Xamarin.Android.Support.Animated.Vector.Drawable (23.3)
      Xamarin.Android.Support.v4 (23.3)
      Xamarin.Android.Support.Vector.Drawable (23.3)
    Xamarin.Android.Support.v7.RecyclerView (23.3)
      Xamarin.Android.Support.v4 (23.3)
    Xamarin.Android.Support.Vector.Drawable (23.3)
      Xamarin.Android.Support.v4 (23.3)
    Xamarin.UITest (1.3.8)
    Zlib.Portable (1.11) - framework: portable-net45+sl5+win8, portable-net45+win8, portable-net45+win8+wp8+wpa81
